GEM
  remote: https://rubygems.org/
  specs:
    coderay (1.0.9)
    faraday (0.8.8)
      multipart-post (~> 1.2.0)
    ffi (1.9.0)
    ffi (1.9.0-java)
    formatador (0.2.4)
    guard (1.8.3)
      formatador (>= 0.2.4)
      listen (~> 1.3)
      lumberjack (>= 1.0.2)
      pry (>= 0.9.10)
      thor (>= 0.14.6)
    guard-minitest (1.3.1)
      guard (>= 1.8)
      minitest (>= 2.1)
    httparty (0.11.0)
      multi_json (~> 1.0)
      multi_xml (>= 0.5.2)
    json (1.8.0)
    json (1.8.0-java)
    listen (1.3.1)
      rb-fsevent (>= 0.9.3)
      rb-inotify (>= 0.9)
      rb-kqueue (>= 0.2)
    lumberjack (1.0.4)
    method_source (0.8.2)
    minitest (5.0.7)
    multi_json (1.7.9)
    multi_xml (0.5.5)
    multipart-post (1.2.0)
    pry (0.9.12.2)
      coderay (~> 1.0.5)
      method_source (~> 0.8)
      slop (~> 3.4)
    pry (0.9.12.2-java)
      coderay (~> 1.0.5)
      method_source (~> 0.8)
      slop (~> 3.4)
      spoon (~> 0.0)
    rb-fsevent (0.9.3)
    rb-inotify (0.9.1)
      ffi (>= 0.5.0)
    rb-kqueue (0.2.0)
      ffi (>= 0.5.0)
    ruby-processing (1.0.11)
    slop (3.4.6)
    spoon (0.0.4)
      ffi
    thor (0.18.1)

PLATFORMS
  java
  ruby

DEPENDENCIES
  faraday
  guard
  guard-minitest
  httparty
  json
  pry
  ruby-processing
  spoon
